GEM
  remote: https://rubygems.org/
  specs:
    ffi (1.17.0)
    ffi (1.17.0-arm64-darwin)
    mini_portile2 (2.8.7)
    rake (13.2.1)
    rdkafka (0.19.0)
      ffi (~> 1.15)
      mini_portile2 (~> 2.6)
      rake (> 12)

PLATFORMS
  arm64-darwin-23
  ruby

DEPENDENCIES
  rdkafka

BUNDLED WITH
   2.5.3
