GEM
  remote: https://rubygems.org/
  specs:
    addressable (2.8.7)
      public_suffix (>= 2.0.2, < 7.0)
    base64 (0.2.0)
    concurrent-ruby (1.3.4)
    domain_name (0.6.20240107)
    ffi (1.17.0)
    ffi (1.17.0-arm64-darwin)
    ffi-compiler (1.3.2)
      ffi (>= 1.15.5)
      rake
    http (5.2.0)
      addressable (~> 2.8)
      base64 (~> 0.1)
      http-cookie (~> 1.0)
      http-form_data (~> 2.2)
      llhttp-ffi (~> 0.5.0)
    http-cookie (1.0.7)
      domain_name (~> 0.5)
    http-form_data (2.3.0)
    ld-eventsource (2.2.2)
      concurrent-ruby (~> 1.0)
      http (>= 4.4.1, < 6.0.0)
    llhttp-ffi (0.5.0)
      ffi-compiler (~> 1.0)
      rake (~> 13.0)
    mini_portile2 (2.8.7)
    public_suffix (6.0.1)
    rake (13.2.1)
    rdkafka (0.19.0)
      ffi (~> 1.15)
      mini_portile2 (~> 2.6)
      rake (> 12)

PLATFORMS
  arm64-darwin-23
  ruby

DEPENDENCIES
  ld-eventsource
  rdkafka

BUNDLED WITH
   2.5.3
